PATH
  remote: .
  specs:
    safecrow (0.1.0)
      curb
      multi_json
      oj

GEM
  remote: https://rubygems.org/
  specs:
    curb (0.9.6)
    diff-lcs (1.3)
    multi_json (1.13.1)
    oj (3.6.6)
    rake (10.5.0)
    rspec (3.8.0)
      rspec-core (~> 3.8.0)
      rspec-expectations (~> 3.8.0)
      rspec-mocks (~> 3.8.0)
    rspec-core (3.8.0)
      rspec-support (~> 3.8.0)
    rspec-expectations (3.8.1)
      diff-lcs (>= 1.2.0, < 2.0)
      rspec-support (~> 3.8.0)
    rspec-mocks (3.8.0)
      diff-lcs (>= 1.2.0, < 2.0)
      rspec-support (~> 3.8.0)
    rspec-support (3.8.0)

PLATFORMS
  ruby

DEPENDENCIES
  bundler (~> 1.16)
  rake (~> 10.0)
  rspec (~> 3.2)
  safecrow!

BUNDLED WITH
   1.16.3
